PATH
  remote: .
  specs:
    awesome_print (1.6.1)

GEM
  remote: https://rubygems.org/
  specs:
    appraisal (1.0.2)
      bundler
      rake
      thor (>= 0.14.0)
    diff-lcs (1.2.5)
    fakefs (0.6.0)
    mini_portile (0.6.2)
    nokogiri (1.6.5)
      mini_portile (~> 0.6.0)
    rake (10.4.2)
    rspec (3.1.0)
      rspec-core (~> 3.1.0)
      rspec-expectations (~> 3.1.0)
      rspec-mocks (~> 3.1.0)
    rspec-core (3.1.7)
      rspec-support (~> 3.1.0)
    rspec-expectations (3.1.2)
      diff-lcs (>= 1.2.0, < 2.0)
      rspec-support (~> 3.1.0)
    rspec-mocks (3.1.3)
      rspec-support (~> 3.1.0)
    rspec-support (3.1.2)
    sqlite3 (1.3.10)
    thor (0.19.1)

PLATFORMS
  ruby

DEPENDENCIES
  appraisal
  awesome_print!
  fakefs (>= 0.2.1)
  nokogiri (>= 1.6.5)
  rspec (>= 3.0.0)
  sqlite3
