GIT
  remote: git://github.com/rubyspec/mspec.git
  revision: 69c388b1187789f4996eda7dec4c1404fcd6b742
  specs:
    mspec (1.5.18)

PATH
  remote: .
  specs:
    backports (3.6.6)

GEM
  remote: http://rubygems.org/
  specs:
    activesupport (3.2.13)
      i18n (= 0.6.1)
      multi_json (~> 1.0)
    i18n (0.6.1)
    minitest (4.7.5)
    multi_json (1.7.2)
    rake (10.1.0)
    test-unit (2.1.1.0)

PLATFORMS
  java
  ruby

DEPENDENCIES
  activesupport
  backports!
  minitest (< 5.0.0)
  mspec!
  rake
  test-unit
